PATH
  remote: .
  specs:
    psych-pure (0.1.1)
      psych
      strscan

GEM
  remote: https://rubygems.org/
  specs:
    date (3.4.1)
    minitest (5.25.4)
    psych (5.2.3)
      date
      stringio
    rake (13.2.1)
    stringio (3.1.2)
    strscan (3.1.2)

PLATFORMS
  arm64-darwin-23
  ruby

DEPENDENCIES
  bundler
  minitest
  psych-pure!
  rake

BUNDLED WITH
   2.5.16
