PATH
  remote: .
  specs:
    psych-pure (0.1.3)
      psych
      strscan

GEM
  remote: https://rubygems.org/
  specs:
    date (3.4.1)
    docile (1.4.1)
    minitest (5.26.0)
    psych (5.2.6)
      date
      stringio
    rake (13.3.0)
    simplecov (0.22.0)
      docile (~> 1.1)
      simplecov-html (~> 0.11)
      simplecov_json_formatter (~> 0.1)
    simplecov-html (0.13.1)
    simplecov_json_formatter (0.1.4)
    stringio (3.1.7)
    strscan (3.1.5)

PLATFORMS
  arm64-darwin-23
  ruby

DEPENDENCIES
  bundler
  minitest
  psych-pure!
  rake
  simplecov

BUNDLED WITH
   2.5.16
